PATH
  remote: .
  specs:
    vimgolf (0.4.0)
      highline
      thor (>= 0.14.6)

GEM
  remote: http://rubygems.org/
  specs:
    diff-lcs (1.1.3)
    highline (1.6.11)
    rake (0.9.2.2)
    rspec (2.9.0)
      rspec-core (~> 2.9.0)
      rspec-expectations (~> 2.9.0)
      rspec-mocks (~> 2.9.0)
    rspec-core (2.9.0)
    rspec-expectations (2.9.0)
      diff-lcs (~> 1.1.3)
    rspec-mocks (2.9.0)
    thor (0.14.6)

PLATFORMS
  ruby

DEPENDENCIES
  rake
  rspec
  vimgolf!
